GEM
  remote: http://rubygems.org/
  specs:
    hike (1.2.1)
    rack (1.3.3)
    sinatra (1.2.6)
      rack (~> 1.1)
      tilt (>= 1.2.2, < 2.0)
    slim (1.0.2)
      temple (~> 0.3.3)
      tilt (~> 1.3.2)
    sprockets (2.0.0)
      hike (~> 1.2)
      rack (~> 1.0)
      tilt (~> 1.1, != 1.3.0)
    temple (0.3.4)
    tilt (1.3.3)

PLATFORMS
  ruby

DEPENDENCIES
  sinatra
  slim
  sprockets (~> 2.0)
